GEM
  remote: https://rubygems.org/
  specs:
    mail (2.7.1)
      mini_mime (>= 0.1.1)
    mini_mime (1.0.2)
    rack (2.1.1)
    redis (4.2.1)
    roda (3.28.0)
      rack

PLATFORMS
  ruby

DEPENDENCIES
  mail (~> 2.7)
  redis (~> 4.2)
  roda (~> 3.22)

BUNDLED WITH
   2.1.4
